GEM
  remote: http://rubygems.org/
  specs:
    CFPropertyList (2.2.8)
    aws-sdk (2.1.2)
      aws-sdk-resources (= 2.1.2)
    aws-sdk-core (2.1.2)
      jmespath (~> 1.0)
    aws-sdk-resources (2.1.2)
      aws-sdk-core (= 2.1.2)
    byebug (4.0.5)
      columnize (= 0.9.0)
    coderay (1.1.0)
    columnize (0.9.0)
    facter (2.4.4)
      CFPropertyList (~> 2.2.6)
    hiera (1.3.4)
      json_pure
    jmespath (1.0.2)
      multi_json (~> 1.0)
    json_pure (1.8.2)
    method_source (0.8.2)
    multi_json (1.11.1)
    pry (0.10.1)
      coderay (~> 1.1.0)
      method_source (~> 0.8.1)
      slop (~> 3.4)
    pry-byebug (3.1.0)
      byebug (~> 4.0)
      pry (~> 0.10)
    puppet (3.7.5)
      facter (> 1.6, < 3)
      hiera (~> 1.0)
      json_pure
    slop (3.6.0)

PLATFORMS
  ruby

DEPENDENCIES
  aws-sdk (~> 2.1)
  pry-byebug
  puppet (~> 3.7.5)
