GEM
  remote: http://rubygems.org/
  specs:
    CFPropertyList (2.2.8)
    aws-sdk (2.1.2)
      aws-sdk-resources (= 2.1.2)
    aws-sdk-core (2.1.2)
      jmespath (~> 1.0)
    aws-sdk-resources (2.1.2)
      aws-sdk-core (= 2.1.2)
    facter (2.4.4)
      CFPropertyList (~> 2.2.6)
    hiera (1.3.4)
      json_pure
    jmespath (1.0.2)
      multi_json (~> 1.0)
    json_pure (1.8.2)
    multi_json (1.11.1)
    puppet (3.7.5)
      facter (> 1.6, < 3)
      hiera (~> 1.0)
      json_pure

PLATFORMS
  ruby

DEPENDENCIES
  aws-sdk (~> 2.1)
  puppet (~> 3.7.5)
